GEM
  remote: https://rubygems.org/
  specs:
    async (1.27.0)
      console (~> 1.10)
      nio4r (~> 2.3)
      timers (~> 4.1)
    async-http (0.52.5)
      async (~> 1.25)
      async-io (~> 1.28)
      async-pool (~> 0.2)
      protocol-http (~> 0.20.0)
      protocol-http1 (~> 0.13.0)
      protocol-http2 (~> 0.14.0)
    async-io (1.30.1)
      async (~> 1.14)
    async-pool (0.3.2)
      async (~> 1.25)
    async-rest (0.10.1)
      async-http (~> 0.42)
      protocol-http (~> 0.7)
    cloudflare (4.2.1)
      async-rest (~> 0.10.0)
    console (1.10.1)
      fiber-local
    docopt (0.6.1)
    faraday (1.1.0)
      multipart-post (>= 1.2, < 3)
      ruby2_keywords
    fiber-local (1.0.0)
    multipart-post (2.1.1)
    nio4r (2.5.4)
    protocol-hpack (1.4.2)
    protocol-http (0.20.1)
    protocol-http1 (0.13.1)
      protocol-http (~> 0.19)
    protocol-http2 (0.14.1)
      protocol-hpack (~> 1.4)
      protocol-http (~> 0.18)
    retries (0.0.5)
    ruby2_keywords (0.0.2)
    timers (4.3.2)

PLATFORMS
  ruby

DEPENDENCIES
  cloudflare
  docopt
  faraday
  retries

BUNDLED WITH
   2.1.4
